GEM
  remote: https://rubygems.org/
  specs:
    daemons (1.4.0)
    eventmachine (1.2.7)
    rack (2.2.6.2)
    thin (1.8.0)
      daemons (~> 1.0, >= 1.0.9)
      eventmachine (~> 1.0, >= 1.0.4)
      rack (>= 1, < 3)

PLATFORMS
  x86_64-linux

DEPENDENCIES
  thin

BUNDLED WITH
   2.2.3
